GEM
  remote: https://rubygems.org/
  specs:
    openssl (2.0.2)

PLATFORMS
  ruby

DEPENDENCIES
  openssl

BUNDLED WITH
   1.14.3
