GEM
  remote: https://rubygems.org/
  specs:
    ruby-mcrypt (0.2.0)

PLATFORMS
  ruby

DEPENDENCIES
  ruby-mcrypt

BUNDLED WITH
   1.14.3
